PATH
  remote: .
  specs:
    fakes3 (0.2.1)
      builder
      nokogiri
      thor

GEM
  remote: https://rubygems.org/
  specs:
    aws-s3 (0.6.3)
      builder
      mime-types
      xml-simple
    aws-sdk-v1 (1.66.0)
      json (~> 1.4)
      nokogiri (>= 1.4.4)
    builder (3.2.2)
    domain_name (0.5.25)
      unf (>= 0.0.5, < 1.0.0)
    http-cookie (1.0.2)
      domain_name (~> 0.5)
    json (1.8.3)
    mime-types (2.6.2)
    mini_portile (0.6.2)
    netrc (0.10.3)
    nokogiri (1.6.6.2)
      mini_portile (~> 0.6.0)
    rake (10.4.2)
    rest-client (1.8.0)
      http-cookie (>= 1.0.2, < 2.0)
      mime-types (>= 1.16, < 3.0)
      netrc (~> 0.7)
    right_aws (3.1.0)
      right_http_connection (>= 1.2.5)
    right_http_connection (1.5.0)
    thor (0.19.1)
    unf (0.1.4)
      unf_ext
    unf_ext (0.0.7.1)
    xml-simple (1.1.5)

PLATFORMS
  ruby

DEPENDENCIES
  aws-s3
  aws-sdk-v1
  bundler (>= 1.0.0)
  fakes3!
  rake
  rest-client
  right_aws

BUNDLED WITH
   1.10.6
